NUGET
  remote: https://nuget.org/api/v2
  specs:
    Akka (1.0.5)
      Newtonsoft.Json (>= 7.0.1)
    Akka.TestKit (1.0.5)
      Akka (>= 1.0.5)
    Akka.TestKit.NUnit (1.0.5)
      Akka.TestKit (>= 1.0.5)
      NUnit (>= 2.6.4)
    Newtonsoft.Json (7.0.1)
    NUnit (2.6.4)
