NUGET
  remote: https://www.nuget.org/api/v2
  specs:
    Akka (1.0.6)
      Newtonsoft.Json (>= 7.0.1)
    Akka.TestKit (1.0.6)
      Akka (>= 1.0.6)
    Akka.TestKit.NUnit (1.0.6)
      Akka.TestKit (>= 1.0.6)
      NUnit (>= 2.6.4)
    Newtonsoft.Json (7.0.1)
    NUnit (2.6.4)
